GEM
  remote: https://rubygems.org/
  specs:
    algorithms (1.0.1)

PLATFORMS
  ruby

DEPENDENCIES
  algorithms

BUNDLED WITH
   1.17.2
